GEM
  remote: http://rubygems.org/
  specs:
    rake (0.9.2.2)
    zayin (0.0.6)
      rake (~> 0.8)

PLATFORMS
  ruby

DEPENDENCIES
  rake
  zayin
